GEM
  remote: https://rubygems.org/
  specs:
    addressable (2.5.1)
      public_suffix (~> 2.0, >= 2.0.2)
    autoprefixer-rails (8.2.0)
      execjs
    colorator (1.1.0)
    diff-lcs (1.3)
    execjs (2.7.0)
    ffi (1.9.18)
    forwardable-extended (2.6.0)
    jekyll (3.4.3)
      addressable (~> 2.4)
      colorator (~> 1.0)
      jekyll-sass-converter (~> 1.0)
      jekyll-watch (~> 1.1)
      kramdown (~> 1.3)
      liquid (~> 3.0)
      mercenary (~> 0.3.3)
      pathutil (~> 0.9)
      rouge (~> 1.7)
      safe_yaml (~> 1.0)
    jekyll-redirect-from (0.12.1)
      jekyll (~> 3.3)
    jekyll-sass-converter (1.5.0)
      sass (~> 3.4)
    jekyll-watch (1.5.0)
      listen (~> 3.0, < 3.1)
    json (2.0.2)
    kramdown (1.13.2)
    liquid (3.0.6)
    listen (3.0.8)
      rb-fsevent (~> 0.9, >= 0.9.4)
      rb-inotify (~> 0.9, >= 0.9.7)
    mercenary (0.3.6)
    octopress-autoprefixer (2.0.1)
      autoprefixer-rails
      jekyll (~> 3.0)
    pathutil (0.14.0)
      forwardable-extended (~> 2.6)
    public_suffix (2.0.5)
    rake (11.2.2)
    rb-fsevent (0.9.8)
    rb-inotify (0.9.8)
      ffi (>= 0.5.0)
    rouge (1.9.0)
    rspec-core (3.6.0)
      rspec-support (~> 3.6.0)
    rspec-expectations (3.6.0)
      diff-lcs (>= 1.2.0, < 2.0)
      rspec-support (~> 3.6.0)
    rspec-support (3.6.0)
    safe_yaml (1.0.4)
    sass (3.4.23)
    scss_lint (0.50.2)
      rake (>= 0.9, < 12)
      sass (~> 3.4.20)

PLATFORMS
  ruby

DEPENDENCIES
  jekyll
  jekyll-redirect-from
  json
  octopress-autoprefixer
  rspec-core
  rspec-expectations
  scss_lint

BUNDLED WITH
   1.16.1
